PATH
  remote: .
  specs:
    fluq-kafka (0.7.1)
      fluq (~> 0.7.1)
      kafka-rb

GEM
  remote: https://rubygems.org/
  specs:
    diff-lcs (1.2.5)
    eventmachine-le (1.1.6)
    fluq (0.7.5)
      eventmachine-le
      msgpack (~> 0.5.0)
      oj (>= 2.0.10)
      timed_lru
    kafka-rb (0.0.15)
    msgpack (0.5.8)
    oj (2.5.3)
    rake (10.1.1)
    redis (3.0.6)
    rspec (2.14.1)
      rspec-core (~> 2.14.0)
      rspec-expectations (~> 2.14.0)
      rspec-mocks (~> 2.14.0)
    rspec-core (2.14.7)
    rspec-expectations (2.14.4)
      diff-lcs (>= 1.1.3, < 2.0)
    rspec-mocks (2.14.4)
    timed_lru (0.3.1)
    yard (0.8.7.3)

PLATFORMS
  ruby

DEPENDENCIES
  bundler
  fluq-kafka!
  rake
  redis
  rspec
  yard
