PATH
  remote: .
  specs:
    fluq-kafka (0.7.1)
      fluq (~> 0.7.1)
      kafka-rb

GEM
  remote: https://rubygems.org/
  specs:
    diff-lcs (1.2.4)
    eventmachine-le (1.1.5)
    fluq (0.7.1)
      eventmachine-le
      msgpack (~> 0.5.0)
      oj (>= 2.0.10)
      timed_lru
    kafka-rb (0.0.15)
    msgpack (0.5.5)
    oj (2.1.4)
    rake (10.1.0)
    redis (3.0.4)
    rspec (2.14.1)
      rspec-core (~> 2.14.0)
      rspec-expectations (~> 2.14.0)
      rspec-mocks (~> 2.14.0)
    rspec-core (2.14.5)
    rspec-expectations (2.14.2)
      diff-lcs (>= 1.1.3, < 2.0)
    rspec-mocks (2.14.3)
    timed_lru (0.3.1)
    yard (0.8.7)

PLATFORMS
  ruby

DEPENDENCIES
  bundler
  fluq-kafka!
  rake
  redis
  rspec
  yard
