GIT
  remote: https://github.com/bsm/fluq.git
  revision: 934ef2d4ec10849cf6aee42607bff7b126d4ba54
  specs:
    fluq (0.8.0)
      celluloid-io (~> 0.15.0)
      multi_json
      timed_lru

PATH
  remote: .
  specs:
    fluq-kafka (0.8.0)
      fluq (~> 0.8.0)
      poseidon_cluster

GEM
  remote: https://rubygems.org/
  specs:
    celluloid (0.15.2)
      timers (~> 1.1.0)
    celluloid-io (0.15.0)
      celluloid (>= 0.15.0)
      nio4r (>= 0.5.0)
    diff-lcs (1.2.5)
    little-plugger (1.1.3)
    logging (1.7.2)
      little-plugger (>= 1.1.3)
    multi_json (1.8.4)
    nio4r (1.0.0)
    nio4r (1.0.0-java)
    poseidon (0.0.4)
    poseidon_cluster (0.0.3)
      poseidon
      zk
    rake (10.1.1)
    rspec (2.14.1)
      rspec-core (~> 2.14.0)
      rspec-expectations (~> 2.14.0)
      rspec-mocks (~> 2.14.0)
    rspec-core (2.14.7)
    rspec-expectations (2.14.4)
      diff-lcs (>= 1.1.3, < 2.0)
    rspec-mocks (2.14.4)
    slyphon-log4j (1.2.15)
    slyphon-zookeeper_jar (3.3.5-java)
    timed_lru (0.3.1)
    timers (1.1.0)
    yard (0.8.7.3)
    zk (1.9.3)
      logging (~> 1.7.2)
      zookeeper (~> 1.4.0)
    zookeeper (1.4.8)
    zookeeper (1.4.8-java)
      slyphon-log4j (= 1.2.15)
      slyphon-zookeeper_jar (= 3.3.5)

PLATFORMS
  java
  ruby

DEPENDENCIES
  bundler
  fluq!
  fluq-kafka!
  rake
  rspec
  yard
